GEM
  remote: http://rubygems.org/
  specs:
    remedy (0.1.2)
    ruby-terminfo (0.1.1)

PLATFORMS
  ruby

DEPENDENCIES
  remedy
  ruby-terminfo

BUNDLED WITH
   1.16.1
